PATH
  remote: .
  specs:
    globalid (0.3.6)

GEM
  remote: https://rubygems.org/
  specs:
    rake (10.5.0)

PLATFORMS
  ruby

DEPENDENCIES
  globalid!
  rake

BUNDLED WITH
   1.10.6
