PATH
  remote: .
  specs:
    globalid (0.3.6)
      activesupport (>= 3.0.0)

GEM
  remote: https://rubygems.org/
  specs:
    abstract (1.0.0)
    actionpack (3.0.0)
      activemodel (= 3.0.0)
      activesupport (= 3.0.0)
      builder (~> 2.1.2)
      erubis (~> 2.6.6)
      i18n (~> 0.4.1)
      rack (~> 1.2.1)
      rack-mount (~> 0.6.12)
      rack-test (~> 0.5.4)
      tzinfo (~> 0.3.23)
    activemodel (3.0.0)
      activesupport (= 3.0.0)
      builder (~> 2.1.2)
      i18n (~> 0.4.1)
    activesupport (3.0.0)
    builder (2.1.2)
    columnize (0.9.0)
    erubis (2.6.6)
      abstract (>= 1.0.0)
    i18n (0.4.2)
    json (1.7.7)
    linecache (0.46)
      rbx-require-relative (> 0.0.4)
    minitest (2.11.4)
    rack (1.2.8)
    rack-mount (0.6.14)
      rack (>= 1.0.0)
    rack-test (0.5.7)
      rack (>= 1.0)
    railties (3.0.0)
      actionpack (= 3.0.0)
      activesupport (= 3.0.0)
      rake (>= 0.8.4)
      thor (~> 0.14.0)
    rake (10.5.0)
    rbx-require-relative (0.0.9)
    ruby-debug (0.10.4)
      columnize (>= 0.1)
      ruby-debug-base (~> 0.10.4.0)
    ruby-debug-base (0.10.4)
      linecache (>= 0.3)
    thor (0.14.6)
    tzinfo (0.3.46)

PLATFORMS
  ruby

DEPENDENCIES
  activemodel (= 3.0.0)
  globalid!
  json
  minitest
  railties (= 3.0.0)
  rake
  ruby-debug

BUNDLED WITH
   1.10.6
